PATH
  remote: /home/aglushkov/ruby/uber_popug/event_schema_registry/ruby
  specs:
    schema_registry (1)
      json-schema

GEM
  remote: https://rubygems.org/
  specs:
    addressable (2.8.0)
      public_suffix (>= 2.0.2, < 5.0)
    amq-protocol (2.3.2)
    bcrypt (3.1.17)
    bunny (2.19.0)
      amq-protocol (~> 2.3, >= 2.3.1)
      sorted_set (~> 1, >= 1.0.2)
    concurrent-ruby (1.1.10)
    debug (1.5.0)
      irb (>= 1.3.6)
      reline (>= 0.2.7)
    dotenv (2.7.6)
    dry-configurable (0.15.0)
      concurrent-ruby (~> 1.0)
      dry-core (~> 0.6)
    dry-container (0.9.0)
      concurrent-ruby (~> 1.0)
      dry-configurable (~> 0.13, >= 0.13.0)
    dry-core (0.7.1)
      concurrent-ruby (~> 1.0)
    dry-inflector (0.2.1)
    dry-initializer (3.1.1)
    dry-logic (1.2.0)
      concurrent-ruby (~> 1.0)
      dry-core (~> 0.5, >= 0.5)
    dry-schema (1.9.1)
      concurrent-ruby (~> 1.0)
      dry-configurable (~> 0.13, >= 0.13.0)
      dry-core (~> 0.5, >= 0.5)
      dry-initializer (~> 3.0)
      dry-logic (~> 1.0)
      dry-types (~> 1.5)
    dry-types (1.5.1)
      concurrent-ruby (~> 1.0)
      dry-container (~> 0.3)
      dry-core (~> 0.5, >= 0.5)
      dry-inflector (~> 0.1, >= 0.1.2)
      dry-logic (~> 1.0, >= 1.0.2)
    io-console (0.5.11)
    irb (1.4.1)
      reline (>= 0.3.0)
    json-schema (3.0.0)
      addressable (>= 2.8)
    nio4r (2.5.8)
    oj (3.13.11)
    pg (1.3.5)
    public_suffix (4.0.7)
    puma (5.6.4)
      nio4r (~> 2.0)
    rack (2.2.3)
    rbtree (0.4.5)
    reline (0.3.1)
      io-console (~> 0.5)
    roda (3.56.0)
      rack
    sequel (5.56.0)
    set (1.0.2)
    sorted_set (1.0.3)
      rbtree
      set (~> 1.0)

PLATFORMS
  x86_64-linux

DEPENDENCIES
  bcrypt
  bunny
  debug
  dotenv
  dry-schema
  oj
  pg
  puma
  roda
  schema_registry!
  sequel

RUBY VERSION
   ruby 3.1.0p0

BUNDLED WITH
   2.3.5
